GEM
  remote: https://rubygems.org/
  specs:
    fastimage (2.1.7)
    pkg-config (1.5.5)
    rmagick (5.3.0)
      pkg-config (~> 1.4)
    ruby-progressbar (1.10.1)

PLATFORMS
  ruby

DEPENDENCIES
  fastimage
  rmagick
  ruby-progressbar

BUNDLED WITH
   2.0.1
